GEM
  remote: http://rubygems.org/
  remote: http://gemcutter.org/
  specs:
    rake (0.9.2.2)
    redcarpet (2.1.1)
    rubyzip (0.9.8)

PLATFORMS
  x86-mingw32

DEPENDENCIES
  bundler (~> 1.1.1)
  rake (~> 0.9.2)
  redcarpet (~> 2.1.1)
  rubyzip (~> 0.9.8)
